GEM
  remote: https://rubygems.org/
  specs:
    breakup (0.2.1)
      compass (>= 0.12.2)
      sass (>= 3.2.0)
    chunky_png (1.2.9)
    compass (0.12.2)
      chunky_png (~> 1.2)
      fssm (>= 0.2.7)
      sass (~> 3.1)
    fssm (0.2.10)
    sass (3.2.13)

PLATFORMS
  ruby

DEPENDENCIES
  breakup (~> 0.2.0)
  compass (~> 0.12.2)
  sass (~> 3.2.8)
